PATH
  remote: .
  specs:
    syncify (0.1.7)
      active_interaction (~> 3.0)
      activerecord (~> 4.2)
      activerecord-import (~> 0.17)

GEM
  remote: https://rubygems.org/
  specs:
    actionpack (4.2.11.1)
      actionview (= 4.2.11.1)
      activesupport (= 4.2.11.1)
      rack (~> 1.6)
      rack-test (~> 0.6.2)
      rails-dom-testing (~> 1.0, >= 1.0.5)
      rails-html-sanitizer (~> 1.0, >= 1.0.2)
    actionview (4.2.11.1)
      activesupport (= 4.2.11.1)
      builder (~> 3.1)
      erubis (~> 2.7.0)
      rails-dom-testing (~> 1.0, >= 1.0.5)
      rails-html-sanitizer (~> 1.0, >= 1.0.3)
    active_interaction (3.7.1)
      activemodel (>= 4, < 7)
    activemodel (4.2.11.1)
      activesupport (= 4.2.11.1)
      builder (~> 3.1)
    activerecord (4.2.11.1)
      activemodel (= 4.2.11.1)
      activesupport (= 4.2.11.1)
      arel (~> 6.0)
    activerecord-import (0.28.2)
      activerecord (>= 3.2)
    activesupport (4.2.11.1)
      i18n (~> 0.7)
      minitest (~> 5.1)
      thread_safe (~> 0.3, >= 0.3.4)
      tzinfo (~> 1.1)
    arel (6.0.4)
    builder (3.2.3)
    byebug (11.0.1)
    coderay (1.1.2)
    concurrent-ruby (1.1.5)
    crass (1.0.4)
    diff-lcs (1.3)
    erubis (2.7.0)
    factory_bot (4.11.1)
      activesupport (>= 3.0.0)
    factory_bot_rails (4.11.1)
      factory_bot (~> 4.11.1)
      railties (>= 3.0.0)
    i18n (0.9.5)
      concurrent-ruby (~> 1.0)
    loofah (2.2.3)
      crass (~> 1.0.2)
      nokogiri (>= 1.5.9)
    method_source (0.9.2)
    mini_portile2 (2.4.0)
    minitest (5.11.3)
    nokogiri (1.10.4)
      mini_portile2 (~> 2.4.0)
    pry (0.12.2)
      coderay (~> 1.1.0)
      method_source (~> 0.9.0)
    pry-byebug (3.7.0)
      byebug (~> 11.0)
      pry (~> 0.10)
    rack (1.6.11)
    rack-test (0.6.3)
      rack (>= 1.0)
    rails-deprecated_sanitizer (1.0.3)
      activesupport (>= 4.2.0.alpha)
    rails-dom-testing (1.0.9)
      activesupport (>= 4.2.0, < 5.0)
      nokogiri (~> 1.6)
      rails-deprecated_sanitizer (>= 1.0.1)
    rails-html-sanitizer (1.2.0)
      loofah (~> 2.2, >= 2.2.2)
    railties (4.2.11.1)
      actionpack (= 4.2.11.1)
      activesupport (= 4.2.11.1)
      rake (>= 0.8.7)
      thor (>= 0.18.1, < 2.0)
    rake (10.5.0)
    rspec (3.8.0)
      rspec-core (~> 3.8.0)
      rspec-expectations (~> 3.8.0)
      rspec-mocks (~> 3.8.0)
    rspec-core (3.8.2)
      rspec-support (~> 3.8.0)
    rspec-expectations (3.8.4)
      diff-lcs (>= 1.2.0, < 2.0)
      rspec-support (~> 3.8.0)
    rspec-mocks (3.8.1)
      diff-lcs (>= 1.2.0, < 2.0)
      rspec-support (~> 3.8.0)
    rspec-support (3.8.2)
    sqlite3 (1.3.13)
    thor (0.20.3)
    thread_safe (0.3.6)
    tzinfo (1.2.5)
      thread_safe (~> 0.1)

PLATFORMS
  ruby

DEPENDENCIES
  bundler (~> 2.0)
  factory_bot_rails (~> 4.11)
  pry-byebug (~> 3.7)
  rake (~> 10.0)
  rspec (~> 3.0)
  sqlite3 (~> 1.3, < 1.4)
  syncify!

BUNDLED WITH
   2.0.2
